GIT
  remote: https://github.com/rebelzach/jekyll-sass.git
  revision: 665bb21a02185501b8b56449b87b32072254455e
  branch: dev
  specs:
    jekyll-sass (1.2.0)
      colorator (~> 0.1)
      jekyll (>= 0.10.0)
      sass (>= 3.0.0)

GEM
  remote: https://rubygems.org/
  specs:
    aws-sdk (1.8.5)
      json (~> 1.4)
      nokogiri (>= 1.4.4)
      uuidtools (~> 2.1)
    classifier (1.3.4)
      fast-stemmer (>= 1.0.0)
    colorator (0.1)
    colored (1.2)
    commander (4.1.5)
      highline (~> 1.6.11)
    configure-s3-website (1.5.1)
      deep_merge (= 1.0.0)
    deep_merge (1.0.0)
    erubis (2.7.0)
    fast-stemmer (1.0.2)
    ffi (1.9.3)
    filey-diff (1.4.3)
    haml (4.0.5)
      tilt
    highline (1.6.20)
    jekyll (1.3.0)
      classifier (~> 1.3)
      colorator (~> 0.1)
      commander (~> 4.1.3)
      liquid (~> 2.5.2)
      listen (~> 1.3)
      maruku (~> 0.6.0)
      pygments.rb (~> 0.5.0)
      redcarpet (~> 2.3.0)
      safe_yaml (~> 0.9.7)
    jekyll-contentblocks (0.0.2)
      jekyll
    jekyll-events (0.1.0)
      jekyll (>= 1.2.0)
    json (1.8.1)
    liquid (2.5.4)
    listen (1.3.1)
      rb-fsevent (>= 0.9.3)
      rb-inotify (>= 0.9)
      rb-kqueue (>= 0.2)
    maruku (0.6.1)
      syntax (>= 1.0.0)
    mime-types (1.19)
    mini_portile (0.5.2)
    nokogiri (1.6.1)
      mini_portile (~> 0.5.0)
    posix-spawn (0.3.8)
    pygments.rb (0.5.4)
      posix-spawn (~> 0.3.6)
      yajl-ruby (~> 1.1.0)
    rake (10.1.0)
    rb-fsevent (0.9.4)
    rb-inotify (0.9.3)
      ffi (>= 0.5.0)
    rb-kqueue (0.2.0)
      ffi (>= 0.5.0)
    redcarpet (2.3.0)
    rmagick (2.13.2)
    s3_website (1.5.0)
      aws-sdk (~> 1.8.5)
      configure-s3-website (~> 1)
      erubis (~> 2.7.0)
      filey-diff (~> 1.4.2)
      mime-types (= 1.19)
      simple-cloudfront-invalidator (~> 1)
      thor (= 0.18.1)
    safe_yaml (0.9.7)
    sass (3.2.13)
    simple-cloudfront-invalidator (1.0.1)
      colored (= 1.2)
    syntax (1.2.0)
    terminal-notifier (1.5.1)
    thor (0.18.1)
    tilt (2.0.0)
    uuidtools (2.1.4)
    yajl-ruby (1.1.0)

PLATFORMS
  ruby

DEPENDENCIES
  haml (~> 4.0.3)
  jekyll (= 1.3.0)
  jekyll-contentblocks (~> 0.0.2)
  jekyll-events (~> 0.1.0)
  jekyll-sass!
  rake (= 10.1)
  rmagick (~> 2.13.2)
  s3_website (~> 1.5.0)
  terminal-notifier
